GEM
  remote: https://rubygems.org/
  specs:
    diff-lcs (1.2.1)
    kgio (2.8.0)
    pg (0.14.1)
    rack (1.5.2)
    rack-protection (1.3.2)
      rack
    rack-test (0.6.2)
      rack (>= 1.0)
    raindrops (0.10.0)
    rspec (2.13.0)
      rspec-core (~> 2.13.0)
      rspec-expectations (~> 2.13.0)
      rspec-mocks (~> 2.13.0)
    rspec-core (2.13.0)
    rspec-expectations (2.13.0)
      diff-lcs (>= 1.1.3, < 2.0)
    rspec-mocks (2.13.0)
    sequel (3.44.0)
    sequel_pg (1.6.4)
      pg (>= 0.8.0)
      sequel (>= 3.39.0)
    sinatra (1.3.4)
      rack (~> 1.4)
      rack-protection (~> 1.3)
      tilt (~> 1.3, >= 1.3.3)
    tilt (1.3.3)
    unicorn (4.6.1)
      kgio (~> 2.6)
      rack
      raindrops (~> 0.7)

PLATFORMS
  ruby

DEPENDENCIES
  rack-test
  rspec
  sequel
  sequel_pg
  sinatra
  unicorn
